GEM
  remote: https://rubygems.org/
  specs:
    chunky_png (1.3.11)
    commander (4.4.7)
      highline (~> 2.0.0)
    highline (2.0.0)
    oily_png (1.2.1)
      chunky_png (~> 1.3.7)

PLATFORMS
  ruby

DEPENDENCIES
  commander
  oily_png

BUNDLED WITH
   1.16.2
